PATH
  remote: .
  specs:
    howitzer (0.0.1)

GEM
  remote: https://rubygems.org/
  specs:
    activesupport (3.1.8)
      multi_json (>= 1.0, < 1.3)
    addressable (2.3.2)
    builder (3.1.3)
    childprocess (0.3.5)
      ffi (~> 1.0, >= 1.0.6)
    cucumber (1.2.1)
      builder (>= 2.1.2)
      diff-lcs (>= 1.1.3)
      gherkin (~> 2.11.0)
      json (>= 1.4.6)
    diff-lcs (1.1.3)
    ffi (1.1.5)
    gherkin (2.11.2)
      json (>= 1.4.6)
    i18n (0.6.1)
    json (1.7.5)
    libwebsocket (0.1.5)
      addressable
    multi_json (1.2.0)
    rake (0.9.2.2)
    repeater (0.0.1)
    rspec (2.11.0)
      rspec-core (~> 2.11.0)
      rspec-expectations (~> 2.11.0)
      rspec-mocks (~> 2.11.0)
    rspec-core (2.11.1)
    rspec-expectations (2.11.3)
      diff-lcs (~> 1.1.3)
    rspec-mocks (2.11.3)
    rubigen (1.5.8)
      activesupport (>= 2.3.5, < 3.2.0)
    rubyzip (0.9.9)
    selenium-webdriver (2.25.0)
      childprocess (>= 0.2.5)
      libwebsocket (~> 0.1.3)
      multi_json (~> 1.0)
      rubyzip
    sexy_settings (0.0.1)

PLATFORMS
  ruby

DEPENDENCIES
  cucumber
  howitzer!
  i18n
  rake
  repeater
  rspec
  rubigen
  selenium-webdriver
  sexy_settings
